GEM
  remote: https://rubygems.org/
  specs:
    activesupport (5.1.5)
      concurrent-ruby (~> 1.0, >= 1.0.2)
      i18n (~> 0.7)
      minitest (~> 5.1)
      tzinfo (~> 1.1)
    backports (3.11.1)
    builder (3.2.3)
    childprocess (0.9.0)
      ffi (~> 1.0, >= 1.0.11)
    coderay (1.1.2)
    concurrent-ruby (1.0.5)
    cucumber (3.1.0)
      builder (>= 2.1.2)
      cucumber-core (~> 3.1.0)
      cucumber-expressions (~> 5.0.4)
      cucumber-wire (~> 0.0.1)
      diff-lcs (~> 1.3)
      gherkin (~> 5.0)
      multi_json (>= 1.7.5, < 2.0)
      multi_test (>= 0.1.2)
    cucumber-core (3.1.0)
      backports (>= 3.8.0)
      cucumber-tag_expressions (~> 1.1.0)
      gherkin (>= 5.0.0)
    cucumber-expressions (5.0.13)
    cucumber-tag_expressions (1.1.1)
    cucumber-wire (0.0.1)
    data_magic (1.2)
      faker (>= 1.1.2)
      yml_reader (>= 0.6)
    diff-lcs (1.3)
    faker (1.8.7)
      i18n (>= 0.7)
    ffi (1.9.23-x64-mingw32)
    fig_newton (1.0)
      yml_reader (>= 0.7)
    gherkin (5.0.0)
    i18n (0.9.5)
      concurrent-ruby (~> 1.0)
    json (2.0.4)
    magic_encoding (0.0.2)
    method_source (0.9.0)
    minitest (5.11.3)
    multi_json (1.13.1)
    multi_test (0.1.2)
    page-object (2.2.4)
      page_navigation (>= 0.10)
      selenium-webdriver (~> 3.0)
      watir (~> 6.8)
    page_navigation (0.10)
      data_magic (>= 0.22)
    parallel (1.12.1)
    parallel_tests (2.21.3)
      parallel
    power_assert (1.1.1)
    pry (0.11.3)
      coderay (~> 1.1.0)
      method_source (~> 0.9.0)
    rake (12.3.0)
    report_builder (1.5)
      json (>= 1.8.1)
    require_all (2.0.0)
    rspec (3.7.0)
      rspec-core (~> 3.7.0)
      rspec-expectations (~> 3.7.0)
      rspec-mocks (~> 3.7.0)
    rspec-core (3.7.1)
      rspec-support (~> 3.7.0)
    rspec-expectations (3.7.0)
      diff-lcs (>= 1.2.0, < 2.0)
      rspec-support (~> 3.7.0)
    rspec-mocks (3.7.0)
      diff-lcs (>= 1.2.0, < 2.0)
      rspec-support (~> 3.7.0)
    rspec-support (3.7.1)
    rubyzip (1.2.1)
    selenium-webdriver (3.6.0)
      childprocess (~> 0.5)
      rubyzip (~> 1.0)
    syntax (1.2.2)
    test-unit (3.2.7)
      power_assert
    thread_safe (0.3.6)
    tiny_tds (2.1.1-x64-mingw32)
    tzinfo (1.2.5)
      thread_safe (~> 0.1)
    watir (6.10.3)
      selenium-webdriver (~> 3.4, >= 3.4.1)
    yml_reader (0.7)

PLATFORMS
  x64-mingw32

DEPENDENCIES
  activesupport
  cucumber
  fig_newton
  magic_encoding
  page-object
  parallel_tests
  pry
  rake
  report_builder (~> 1.5)
  require_all
  rspec
  selenium-webdriver
  syntax
  test-unit
  tiny_tds
  watir

BUNDLED WITH
   1.16.1
